GIT
  remote: git://github.com/sinatra/sinatra.git
  revision: a27a95d0049b6cd61b988570b055b9cf4961c44e
  specs:
    sinatra (1.3.1)
      rack (~> 1.3, >= 1.3.4)
      rack-protection (~> 1.1, >= 1.1.2)
      tilt (~> 1.3, >= 1.3.3)

GEM
  remote: http://rubygems.org/
  specs:
    rack (1.3.5)
    rack-protection (1.1.4)
      rack
    tilt (1.3.3)

PLATFORMS
  ruby

DEPENDENCIES
  sinatra!
